GIT
  remote: https://github.com/happydawn/omniauth-putio.git
  revision: 0a921162d02ad20d45e8a9b6103af58c75cf065a
  specs:
    omniauth-putio (0.0.2)
      omniauth-oauth2 (~> 1.1.1)

GEM
  remote: http://rubygems.org/
  specs:
    bcrypt-ruby (3.0.1)
    devise (1.5.4)
      bcrypt-ruby (~> 3.0)
      orm_adapter (~> 0.0.3)
      warden (~> 1.1)
    diff-lcs (1.1.3)
    evernote-thrift (1.23.1)
    facets (2.9.3)
    faraday (0.8.6)
      multipart-post (~> 1.1)
    fattr (2.2.1)
    git (1.2.5)
    haml (4.0.0)
      tilt
    hashie (1.2.0)
    httpauth (0.2.0)
    jeweler (1.8.4)
      bundler (~> 1.0)
      git (>= 1.2.5)
      rake
      rdoc
    json (1.7.7)
    jwt (0.1.7)
      multi_json (>= 1.5)
    mharris_ext (1.6.0)
      facets
      fattr
    multi_json (1.6.1)
    multipart-post (1.2.0)
    oauth (0.4.7)
    oauth2 (0.8.1)
      faraday (~> 0.8)
      httpauth (~> 0.1)
      jwt (~> 0.1.4)
      multi_json (~> 1.0)
      rack (~> 1.2)
    omniauth (1.1.3)
      hashie (~> 1.2)
      rack
    omniauth-dropbox (0.2.0)
      omniauth-oauth (~> 1.0)
    omniauth-evernote (1.2.0)
      evernote-thrift
      multi_json (~> 1.0)
      omniauth-oauth (~> 1.0)
    omniauth-google-oauth2 (0.1.13)
      omniauth (~> 1.0)
      omniauth-oauth2
    omniauth-oauth (1.0.1)
      oauth
      omniauth (~> 1.0)
    omniauth-oauth2 (1.1.1)
      oauth2 (~> 0.8.0)
      omniauth (~> 1.0)
    orm_adapter (0.0.7)
    rack (1.5.2)
    rake (10.0.3)
    rdoc (3.12.2)
      json (~> 1.4)
    rspec (2.8.0)
      rspec-core (~> 2.8.0)
      rspec-expectations (~> 2.8.0)
      rspec-mocks (~> 2.8.0)
    rspec-core (2.8.0)
    rspec-expectations (2.8.0)
      diff-lcs (~> 1.1.2)
    rspec-mocks (2.8.0)
    tilt (1.3.5)
    warden (1.2.1)
      rack (>= 1.0)

PLATFORMS
  ruby

DEPENDENCIES
  bundler (~> 1.1)
  devise
  haml
  jeweler (~> 1.8.4)
  mharris_ext
  omniauth (~> 1.1)
  omniauth-dropbox
  omniauth-evernote
  omniauth-google-oauth2
  omniauth-oauth2
  omniauth-putio!
  rdoc (~> 3.12)
  rspec (~> 2.8.0)
